GEM
  remote: https://rubygems.org/
  specs:
    babel-source (5.8.35)
    babel-transpiler (0.7.0)
      babel-source (>= 4.0, < 6)
      execjs (~> 2.0)
    concurrent-ruby (1.0.2)
    execjs (2.7.0)
    hike (1.2.3)
    libv8 (3.16.14.15)
    opal (0.9.4)
      hike (~> 1.2)
      sourcemap (~> 0.1.0)
      sprockets (~> 3.1)
      tilt (>= 1.4)
    opal-activesupport (0.3.0)
      opal (>= 0.5.0, < 1.0.0)
    opal-browser (0.2.0)
      opal
      paggio
    paggio (0.2.6)
    rack (1.6.4)
    rake (11.2.2)
    react.rb (0.2.0)
      opal (~> 0.6)
      opal-activesupport (~> 0)
      sprockets-es6 (~> 0)
      therubyracer (~> 0)
    ref (2.0.0)
    sourcemap (0.1.1)
    sprockets (3.6.1)
      concurrent-ruby (~> 1.0)
      rack (> 1, < 3)
    sprockets-es6 (0.9.0)
      babel-source (>= 5.8.11)
      babel-transpiler
      sprockets (>= 3.0.0)
    therubyracer (0.12.2)
      libv8 (~> 3.16.14.0)
      ref
    tilt (2.0.5)

PLATFORMS
  ruby

DEPENDENCIES
  opal (~> 0.9.2)
  opal-browser
  rake
  react.rb
  tilt

BUNDLED WITH
   1.10.6
